GEM
  remote: http://rubygems.org/
  specs:
    builder (3.2.2)
    cucumber (1.2.1)
      builder (>= 2.1.2)
      diff-lcs (>= 1.1.3)
      gherkin (~> 2.11.0)
      json (>= 1.4.6)
    diff-lcs (1.1.3)
    gherkin (2.11.8-x86-mingw32)
      multi_json (~> 1.3)
    httparty (0.8.3)
      multi_json (~> 1.0)
      multi_xml
    json (1.7.3)
    mime-types (2.1)
    multi_json (1.8.2)
    multi_xml (0.5.5)
    rest-client (1.6.7)
      mime-types (>= 1.16)
    rspec (2.11.0)
      rspec-core (~> 2.11.0)
      rspec-expectations (~> 2.11.0)
      rspec-mocks (~> 2.11.0)
    rspec-core (2.11.1)
    rspec-expectations (2.11.3)
      diff-lcs (~> 1.1.3)
    rspec-mocks (2.11.3)

PLATFORMS
  x86-mingw32

DEPENDENCIES
  bundler (= 1.3.4)
  cucumber (= 1.2.1)
  httparty (= 0.8.3)
  json (= 1.7.3)
  mime-types (= 2.1)
  multi_json (= 1.8.2)
  rest-client (= 1.6.7)
  rspec (= 2.11.0)
